GEM
  remote: https://rubygems.org/
  specs:
    daemons (1.4.1)
    eventmachine (1.2.7)
    rack (2.2.8.1)
    rackup (1.0.0)
      rack (< 3)
      webrick
    thin (1.8.2)
      daemons (~> 1.0, >= 1.0.9)
      eventmachine (~> 1.0, >= 1.0.4)
      rack (>= 1, < 3)
    webrick (1.8.1)

PLATFORMS
  arm64-darwin-23

DEPENDENCIES
  rack (~> 2.2.8.1)
  rackup (~> 1.0.0)
  thin (~> 1.8.2)

BUNDLED WITH
   2.2.32
