GEM
  remote: https://rubygems.org/
  specs:
    daemons (1.4.1)
    eventmachine (1.2.7)
    kgio (2.11.4)
    nio4r (2.7.1)
    puma (6.4.2)
      nio4r (~> 2.0)
    rack (2.2.8.1)
    rackup (1.0.0)
      rack (< 3)
      webrick
    raindrops (0.20.1)
    thin (1.8.2)
      daemons (~> 1.0, >= 1.0.9)
      eventmachine (~> 1.0, >= 1.0.4)
      rack (>= 1, < 3)
    unicorn (6.1.0)
      kgio (~> 2.6)
      raindrops (~> 0.7)
    webrick (1.8.1)

PLATFORMS
  arm64-darwin-23

DEPENDENCIES
  puma (~> 6.4.2)
  rack (~> 2.2.8.1)
  rackup (~> 1.0.0)
  thin (~> 1.8.2)
  unicorn (~> 6.1.0)

BUNDLED WITH
   2.2.32
